GEM
  remote: https://rubygems.org/
  specs:
    activesupport (3.2.7)
      i18n (~> 0.6)
      multi_json (~> 1.0)
    fcgi (0.8.8)
    i18n (0.6.0)
    multi_json (1.3.6)
    rack (1.4.1)
    rack-protection (1.2.0)
      rack
    shotgun (0.9)
      rack (>= 1.0)
    simple-navigation (3.7.0)
      activesupport (>= 2.3.2)
    sinatra (1.3.2)
      rack (~> 1.3, >= 1.3.6)
      rack-protection (~> 1.2)
      tilt (~> 1.3, >= 1.3.3)
    sinatra-simple-navigation (3.5.1)
      simple-navigation (>= 3.5.0)
    tilt (1.3.3)

PLATFORMS
  ruby

DEPENDENCIES
  fcgi
  shotgun
  sinatra
  sinatra-simple-navigation
